GEM
  remote: http://rubygems.org/
  specs:
    activesupport (3.0.4)
    bluecloth (2.0.9)
    builder (2.1.2)
    compass (0.10.6)
      haml (>= 3.0.4)
    haml (3.0.25)
    i18n (0.5.0)
    json (1.4.6)
    rack (1.2.1)
    shotgun (0.8)
      rack (>= 1.0)
    sinatra (1.1.2)
      rack (~> 1.1)
      tilt (~> 1.2)
    tilt (1.2.2)
    tzinfo (0.3.24)
    wrest (1.3.0)
      activesupport (~> 3.0.0)
      builder (~> 2.1.2)
      i18n (>= 0.4.1)
      json (~> 1.4.6)

PLATFORMS
  ruby

DEPENDENCIES
  bluecloth
  compass
  haml
  shotgun
  sinatra
  tzinfo
  wrest
