GEM
  remote: http://rubygems.org/
  specs:
    activesupport (3.0.5)
    bluecloth (2.0.11)
    builder (2.1.2)
    compass (0.10.6)
      haml (>= 3.0.4)
    daemons (1.1.0)
    dalli (1.0.2)
    eventmachine (0.12.10)
    haml (3.0.25)
    i18n (0.5.0)
    json (1.4.6)
    rack (1.2.1)
    shotgun (0.9)
      rack (>= 1.0)
    sinatra (1.1.3)
      rack (~> 1.1)
      tilt (>= 1.2.2, < 2.0)
    thin (1.2.8)
      daemons (>= 1.0.9)
      eventmachine (>= 0.12.6)
      rack (>= 1.0.0)
    tilt (1.2.2)
    tzinfo (0.3.24)
    wrest (1.4.0)
      activesupport (~> 3.0.0)
      builder (~> 2.1.2)
      i18n (>= 0.4.1)
      json (~> 1.4.6)

PLATFORMS
  ruby

DEPENDENCIES
  bluecloth
  compass
  dalli
  haml
  shotgun
  sinatra
  thin
  tzinfo
  wrest
